GEM
  remote: https://rubygems.org/
  specs:
    activesupport (4.2.0)
      i18n (~> 0.7)
      json (~> 1.7, >= 1.7.7)
      minitest (~> 5.1)
      thread_safe (~> 0.3, >= 0.3.4)
      tzinfo (~> 1.1)
    capybara (1.1.4)
      mime-types (>= 1.16)
      nokogiri (>= 1.3.3)
      rack (>= 1.0.0)
      rack-test (>= 0.5.4)
      selenium-webdriver (~> 2.0)
      xpath (~> 0.1.4)
    childprocess (0.5.5)
      ffi (~> 1.0, >= 1.0.11)
    daemons (1.1.9)
    diff-lcs (1.1.3)
    eventmachine (1.0.4)
    factory_girl (3.1.1)
      activesupport (>= 3.0.0)
    ffi (1.9.6)
    gherkin (2.12.2)
      multi_json (~> 1.3)
    hiredis (0.5.2)
    i18n (0.7.0)
    json (1.8.2)
    mime-types (2.4.3)
    mini_portile (0.6.2)
    minitest (5.5.1)
    msgpack (0.5.10)
    multi_json (1.10.1)
    nido (0.0.1)
    nokogiri (1.6.5)
      mini_portile (~> 0.6.0)
    ohm (2.0.1)
      msgpack
      nido
      redic
    ohm-contrib (2.0.1)
      ohm (~> 2.0)
    rack (1.6.0)
    rack-protection (1.5.3)
      rack
    rack-test (0.6.3)
      rack (>= 1.0)
    rake (10.4.2)
    redic (1.1.1)
      hiredis
    redis (3.2.0)
    rspec (2.9.0)
      rspec-core (~> 2.9.0)
      rspec-expectations (~> 2.9.0)
      rspec-mocks (~> 2.9.0)
    rspec-core (2.9.0)
    rspec-expectations (2.9.1)
      diff-lcs (~> 1.1.3)
    rspec-mocks (2.9.0)
    rubyzip (1.1.6)
    selenium-webdriver (2.44.0)
      childprocess (~> 0.5)
      multi_json (~> 1.0)
      rubyzip (~> 1.0)
      websocket (~> 1.0)
    sinatra (1.4.5)
      rack (~> 1.4)
      rack-protection (~> 1.4)
      tilt (~> 1.3, >= 1.3.4)
    thin (1.6.3)
      daemons (~> 1.0, >= 1.0.9)
      eventmachine (~> 1.0)
      rack (~> 1.0)
    thread_safe (0.3.4)
    tilt (1.4.1)
    turnip (0.3.1)
      gherkin (>= 2.5)
      rspec (~> 2.0)
    tzinfo (1.2.2)
      thread_safe (~> 0.1)
    websocket (1.2.1)
    xpath (0.1.4)
      nokogiri (~> 1.3)

PLATFORMS
  ruby

DEPENDENCIES
  capybara (~> 1.1.2)
  factory_girl (~> 3.1.0)
  ohm
  ohm-contrib
  rack-test
  rake
  redis
  rspec (~> 2.9.0)
  sinatra
  thin
  turnip (~> 0.3.0)
