GEM
  remote: http://rubygems.org/
  specs:
    activesupport (3.2.3)
      i18n (~> 0.6)
      multi_json (~> 1.0)
    capybara (1.1.2)
      mime-types (>= 1.16)
      nokogiri (>= 1.3.3)
      rack (>= 1.0.0)
      rack-test (>= 0.5.4)
      selenium-webdriver (~> 2.0)
      xpath (~> 0.1.4)
    childprocess (0.3.1)
      ffi (~> 1.0.6)
    diff-lcs (1.1.3)
    factory_girl (3.1.0)
      activesupport (>= 3.0.0)
    ffi (1.0.11)
    gherkin (2.9.3)
      json (>= 1.4.6)
    i18n (0.6.0)
    json (1.6.6)
    mime-types (1.18)
    multi_json (1.2.0)
    nest (1.1.1)
      redis
    nokogiri (1.5.2)
    ohm (1.0.0.rc1)
      nest (~> 1.0)
      scrivener (~> 0.0.3)
    ohm-contrib (1.0.0.rc2)
      ohm (= 1.0.0.rc1)
    rack (1.4.1)
    rack-protection (1.2.0)
      rack
    rack-test (0.6.1)
      rack (>= 1.0)
    rake (0.9.2.2)
    redis (2.2.2)
    rspec (2.9.0)
      rspec-core (~> 2.9.0)
      rspec-expectations (~> 2.9.0)
      rspec-mocks (~> 2.9.0)
    rspec-core (2.9.0)
    rspec-expectations (2.9.1)
      diff-lcs (~> 1.1.3)
    rspec-mocks (2.9.0)
    rubyzip (0.9.6.1)
    scrivener (0.0.3)
    selenium-webdriver (2.20.0)
      childprocess (>= 0.2.5)
      ffi (~> 1.0)
      multi_json (~> 1.0)
      rubyzip
    sinatra (1.3.2)
      rack (~> 1.3, >= 1.3.6)
      rack-protection (~> 1.2)
      tilt (~> 1.3, >= 1.3.3)
    tilt (1.3.3)
    turnip (0.3.0)
      gherkin (>= 2.5)
      rspec (~> 2.0)
    xpath (0.1.4)
      nokogiri (~> 1.3)

PLATFORMS
  ruby

DEPENDENCIES
  capybara (~> 1.1.2)
  factory_girl (~> 3.1.0)
  ohm (~> 1.0.0.rc1)
  ohm-contrib (~> 1.0.0.rc2)
  rack-test
  rake (~> 0.9.2)
  redis (~> 2.2.2)
  rspec (~> 2.9.0)
  sinatra (~> 1.3.2)
  turnip (~> 0.3.0)
