GEM
  remote: http://rubygems.org/
  specs:
    activesupport (3.2.3)
      i18n (~> 0.6)
      multi_json (~> 1.0)
    diff-lcs (1.1.3)
    factory_girl (3.1.0)
      activesupport (>= 3.0.0)
    i18n (0.6.0)
    multi_json (1.2.0)
    nest (1.1.1)
      redis
    ohm (1.0.0.rc1)
      nest (~> 1.0)
      scrivener (~> 0.0.3)
    ohm-contrib (1.0.0.rc2)
      ohm (= 1.0.0.rc1)
    rack (1.4.1)
    rack-protection (1.2.0)
      rack
    rack-test (0.6.1)
      rack (>= 1.0)
    rake (0.9.2.2)
    redis (2.2.2)
    rspec (2.9.0)
      rspec-core (~> 2.9.0)
      rspec-expectations (~> 2.9.0)
      rspec-mocks (~> 2.9.0)
    rspec-core (2.9.0)
    rspec-expectations (2.9.1)
      diff-lcs (~> 1.1.3)
    rspec-mocks (2.9.0)
    scrivener (0.0.3)
    sinatra (1.3.2)
      rack (~> 1.3, >= 1.3.6)
      rack-protection (~> 1.2)
      tilt (~> 1.3, >= 1.3.3)
    tilt (1.3.3)

PLATFORMS
  ruby

DEPENDENCIES
  factory_girl (~> 3.1.0)
  ohm (~> 1.0.0.rc1)
  ohm-contrib (~> 1.0.0.rc2)
  rack-test
  rake (~> 0.9.2)
  redis (~> 2.2.2)
  rspec (~> 2.9.0)
  sinatra (~> 1.3.2)
